PATH
  remote: _external/data/wai-gems
  specs:
    wai-gems (1.0.0)
      jekyll-github-metadata
      jekyll-include-cache
      jekyll-paginate
      jekyll-redirect-from
      jekyll-relative-links
      jekyll-remote-theme
      jekyll-seo-tag
      jekyll-sitemap
      wai-website-plugin

GEM
  remote: https://rubygems.org/
  specs:
    addressable (2.8.7)
      public_suffix (>= 2.0.2, < 7.0)
    bigdecimal (3.1.8)
    colorator (1.1.0)
    concurrent-ruby (1.3.3)
    em-websocket (0.5.3)
      eventmachine (>= 0.12.9)
      http_parser.rb (~> 0)
    eventmachine (1.2.7)
    faraday (2.9.2)
      faraday-net_http (>= 2.0, < 3.2)
    faraday-net_http (3.1.0)
      net-http
    ffi (1.17.0-x86_64-linux-gnu)
    forwardable-extended (2.6.0)
    google-protobuf (4.27.2-x86_64-linux)
      bigdecimal
      rake (>= 13)
    http_parser.rb (0.8.0)
    i18n (1.14.5)
      concurrent-ruby (~> 1.0)
    jekyll (4.3.3)
      addressable (~> 2.4)
      colorator (~> 1.0)
      em-websocket (~> 0.5)
      i18n (~> 1.0)
      jekyll-sass-converter (>= 2.0, < 4.0)
      jekyll-watch (~> 2.0)
      kramdown (~> 2.3, >= 2.3.1)
      kramdown-parser-gfm (~> 1.0)
      liquid (~> 4.0)
      mercenary (>= 0.3.6, < 0.5)
      pathutil (~> 0.9)
      rouge (>= 3.0, < 5.0)
      safe_yaml (~> 1.0)
      terminal-table (>= 1.8, < 4.0)
      webrick (~> 1.7)
    jekyll-feed (0.17.0)
      jekyll (>= 3.7, < 5.0)
    jekyll-github-metadata (2.16.1)
      jekyll (>= 3.4, < 5.0)
      octokit (>= 4, < 7, != 4.4.0)
    jekyll-include-cache (0.2.1)
      jekyll (>= 3.7, < 5.0)
    jekyll-paginate (1.1.0)
    jekyll-redirect-from (0.16.0)
      jekyll (>= 3.3, < 5.0)
    jekyll-relative-links (0.7.0)
      jekyll (>= 3.3, < 5.0)
    jekyll-remote-theme (0.4.3)
      addressable (~> 2.0)
      jekyll (>= 3.5, < 5.0)
      jekyll-sass-converter (>= 1.0, <= 3.0.0, != 2.0.0)
      rubyzip (>= 1.3.0, < 3.0)
    jekyll-sass-converter (3.0.0)
      sass-embedded (~> 1.54)
    jekyll-seo-tag (2.8.0)
      jekyll (>= 3.8, < 5.0)
    jekyll-sitemap (1.4.0)
      jekyll (>= 3.7, < 5.0)
    jekyll-watch (2.2.1)
      listen (~> 3.0)
    kramdown (2.4.0)
      rexml
    kramdown-parser-gfm (1.1.0)
      kramdown (~> 2.0)
    liquid (4.0.4)
    listen (3.9.0)
      rb-fsevent (~> 0.10, >= 0.10.3)
      rb-inotify (~> 0.9, >= 0.9.10)
    mercenary (0.4.0)
    net-http (0.4.1)
      uri
    nokogiri (1.16.6-x86_64-linux)
      racc (~> 1.4)
    octokit (6.1.1)
      faraday (>= 1, < 3)
      sawyer (~> 0.9)
    pathutil (0.16.2)
      forwardable-extended (~> 2.6)
    public_suffix (6.0.0)
    racc (1.8.0)
    rake (13.2.1)
    rb-fsevent (0.11.2)
    rb-inotify (0.11.1)
      ffi (~> 1.0)
    rexml (3.3.1)
      strscan
    rouge (4.3.0)
    rubyzip (2.3.2)
    safe_yaml (1.0.5)
    sass-embedded (1.77.5-x86_64-linux-gnu)
      google-protobuf (>= 3.25, < 5.0)
    sawyer (0.9.2)
      addressable (>= 2.3.5)
      faraday (>= 0.17.3, < 3)
    strscan (3.1.0)
    terminal-table (3.0.2)
      unicode-display_width (>= 1.1.1, < 3)
    unicode-display_width (2.5.0)
    uri (0.13.0)
    wai-website-plugin (0.2)
      jekyll (>= 3.6, < 5.0)
    webrick (1.8.1)

PLATFORMS
  x86_64-linux

DEPENDENCIES
  jekyll-feed
  nokogiri
  wai-gems!

BUNDLED WITH
   2.5.14
